GIT
  remote: git@github.com:minimum2scp/dependabot-core.git
  revision: 4f7c1f623076903861d92379593e9d73f5910977
  branch: features/github-bundler-path-based-dependency-symlink-support
  specs:
    dependabot-bundler (0.94.13)
      dependabot-core (= 0.94.13)
    dependabot-cargo (0.94.13)
      dependabot-core (= 0.94.13)
    dependabot-composer (0.94.13)
      dependabot-core (= 0.94.13)
    dependabot-core (0.94.13)
      aws-sdk-ecr (~> 1.5)
      bundler (>= 1.16, < 3.0.0)
      docker_registry2 (~> 1.4)
      excon (~> 0.55)
      gitlab (~> 4.9)
      gpgme (~> 2.0)
      nokogiri (~> 1.8)
      octokit (~> 4.6)
      parseconfig (~> 1.0)
      parser (~> 2.5)
      toml-rb (~> 1.1, >= 1.1.2)
    dependabot-dep (0.94.13)
      dependabot-core (= 0.94.13)
    dependabot-docker (0.94.13)
      dependabot-core (= 0.94.13)
    dependabot-elm (0.94.13)
      dependabot-core (= 0.94.13)
    dependabot-git_submodules (0.94.13)
      dependabot-core (= 0.94.13)
    dependabot-go_modules (0.94.13)
      dependabot-core (= 0.94.13)
    dependabot-gradle (0.94.13)
      dependabot-core (= 0.94.13)
    dependabot-hex (0.94.13)
      dependabot-core (= 0.94.13)
    dependabot-maven (0.94.13)
      dependabot-core (= 0.94.13)
    dependabot-npm_and_yarn (0.94.13)
      dependabot-core (= 0.94.13)
    dependabot-nuget (0.94.13)
      dependabot-core (= 0.94.13)
    dependabot-omnibus (0.94.13)
      dependabot-bundler (= 0.94.13)
      dependabot-cargo (= 0.94.13)
      dependabot-composer (= 0.94.13)
      dependabot-core (= 0.94.13)
      dependabot-dep (= 0.94.13)
      dependabot-docker (= 0.94.13)
      dependabot-elm (= 0.94.13)
      dependabot-git_submodules (= 0.94.13)
      dependabot-go_modules (= 0.94.13)
      dependabot-gradle (= 0.94.13)
      dependabot-hex (= 0.94.13)
      dependabot-maven (= 0.94.13)
      dependabot-npm_and_yarn (= 0.94.13)
      dependabot-nuget (= 0.94.13)
      dependabot-python (= 0.94.13)
      dependabot-terraform (= 0.94.13)
    dependabot-python (0.94.13)
      dependabot-core (= 0.94.13)
    dependabot-terraform (0.94.13)
      dependabot-core (= 0.94.13)

GEM
  remote: https://rubygems.org/
  specs:
    addressable (2.5.2)
      public_suffix (>= 2.0.2, < 4.0)
    ast (2.4.0)
    aws-eventstream (1.0.1)
    aws-partitions (1.136.0)
    aws-sdk-core (3.46.0)
      aws-eventstream (~> 1.0)
      aws-partitions (~> 1.0)
      aws-sigv4 (~> 1.0)
      jmespath (~> 1.0)
    aws-sdk-ecr (1.11.0)
      aws-sdk-core (~> 3, >= 3.39.0)
      aws-sigv4 (~> 1.0)
    aws-sigv4 (1.0.3)
    citrus (3.0.2)
    coderay (1.1.2)
    docker_registry2 (1.4.1)
      rest-client (>= 1.8.0)
    domain_name (0.5.20180417)
      unf (>= 0.0.5, < 1.0.0)
    excon (0.62.0)
    faraday (0.15.4)
      multipart-post (>= 1.2, < 3)
    gitlab (4.9.0)
      httparty (~> 0.14, >= 0.14.0)
      terminal-table (~> 1.5, >= 1.5.1)
    gpgme (2.0.18)
      mini_portile2 (~> 2.3)
    http-cookie (1.0.3)
      domain_name (~> 0.5)
    httparty (0.16.4)
      mime-types (~> 3.0)
      multi_xml (>= 0.5.2)
    jmespath (1.4.0)
    method_source (0.9.2)
    mime-types (3.2.2)
      mime-types-data (~> 3.2015)
    mime-types-data (3.2018.0812)
    mini_portile2 (2.4.0)
    multi_xml (0.6.0)
    multipart-post (2.0.0)
    netrc (0.11.0)
    nokogiri (1.10.1)
      mini_portile2 (~> 2.4.0)
    octokit (4.13.0)
      sawyer (~> 0.8.0, >= 0.5.3)
    parseconfig (1.0.8)
    parser (2.6.0.0)
      ast (~> 2.4.0)
    pry (0.12.2)
      coderay (~> 1.1.0)
      method_source (~> 0.9.0)
    public_suffix (3.0.3)
    rest-client (2.0.2)
      http-cookie (>= 1.0.2, < 2.0)
      mime-types (>= 1.16, < 4.0)
      netrc (~> 0.8)
    sawyer (0.8.1)
      addressable (>= 2.3.5, < 2.6)
      faraday (~> 0.8, < 1.0)
    terminal-table (1.8.0)
      unicode-display_width (~> 1.1, >= 1.1.1)
    toml-rb (1.1.2)
      citrus (~> 3.0, > 3.0)
    unf (0.1.4)
      unf_ext
    unf_ext (0.0.7.5)
    unicode-display_width (1.4.1)

PLATFORMS
  ruby

DEPENDENCIES
  dependabot-core!
  dependabot-omnibus (~> 0.94.12)
  pry

RUBY VERSION
   ruby 2.6.1p33

BUNDLED WITH
   1.17.3
